REDIRECTS: ON
LOWEST_MATCHING: FALSE
COPY-CONTENT-TO-OUTPUT-DIR: ALWAYS
FRAMEWORK: NET46
NUGET
  remote: https://api.nuget.org/v3/index.json
    Autofac (4.5)
    Autofac.Extensions.DependencyInjection (4.1)
      Autofac (>= 4.0)
      Microsoft.Extensions.DependencyInjection.Abstractions (>= 1.1)
      NETStandard.Library (>= 1.6)
    Autofac.Extras.AttributeMetadata (4.0.1)
      Autofac (>= 4.3 < 5.0)
      Autofac.Mef (>= 4.0 < 5.0)
    Autofac.Mef (4.0)
      Autofac (>= 3.3.1 < 5.0)
    AutoFixture (3.37.3)
    FAKE (4.58.6)
    Fixie (1.0.2)
    FlexLucene (5.4)
      IKVM (>= 8.1.5717)
    FParsec (1.0.2)
    FsCheck (2.2.4)
      FSharp.Core (>= 3.1.2.5)
    FSharp.Compiler.Service (2.0.0.6)
    FSharp.Control.AsyncSeq (2.0.12)
    FSharp.Core (4.1.12)
      System.ValueTuple (>= 4.3)
    FSharpx.Async (1.13.2)
      FSharp.Control.AsyncSeq
      FSharp.Core
    FSharpx.Collections (1.16)
      FSharp.Core
    FSharpx.Extras (1.10.3)
      FSharpx.Async (>= 1.12)
      FSharpx.Collections (>= 1.10.1)
    IKVM (8.1.5717)
    Libuv (1.9.1)
    Microsoft.AspNet.WebApi.Client (5.2.3)
      Newtonsoft.Json (>= 6.0.4)
    Microsoft.AspNetCore.Cors (1.1.1)
      Microsoft.AspNetCore.Http.Extensions (>= 1.1.1)
      Microsoft.Extensions.Configuration.Abstractions (>= 1.1.1)
      Microsoft.Extensions.DependencyInjection.Abstractions (>= 1.1)
      Microsoft.Extensions.Options (>= 1.1.1)
      NETStandard.Library (>= 1.6.1)
    Microsoft.AspNetCore.Hosting (1.1.1)
      Microsoft.AspNetCore.Hosting.Abstractions (>= 1.1.1)
      Microsoft.AspNetCore.Hosting.Server.Abstractions (>= 1.1.1)
      Microsoft.AspNetCore.Http (>= 1.1.1)
      Microsoft.AspNetCore.Http.Extensions (>= 1.1.1)
      Microsoft.Extensions.Configuration (>= 1.1.1)
      Microsoft.Extensions.Configuration.EnvironmentVariables (>= 1.1.1)
      Microsoft.Extensions.DependencyInjection (>= 1.1)
      Microsoft.Extensions.FileProviders.Physical (>= 1.1)
      Microsoft.Extensions.Logging (>= 1.1.1)
      Microsoft.Extensions.Options (>= 1.1.1)
      Microsoft.Extensions.PlatformAbstractions (>= 1.1)
      NETStandard.Library (>= 1.6.1)
      System.Diagnostics.DiagnosticSource (>= 4.3)
      System.Reflection.Metadata (>= 1.4.1)
    Microsoft.AspNetCore.Hosting.Abstractions (1.1.1)
      Microsoft.AspNetCore.Hosting.Server.Abstractions (>= 1.1.1)
      Microsoft.AspNetCore.Http.Abstractions (>= 1.1.1)
      Microsoft.Extensions.Configuration.Abstractions (>= 1.1.1)
      Microsoft.Extensions.DependencyInjection.Abstractions (>= 1.1)
      Microsoft.Extensions.FileProviders.Abstractions (>= 1.1)
      Microsoft.Extensions.Logging.Abstractions (>= 1.1.1)
      NETStandard.Library (>= 1.6.1)
    Microsoft.AspNetCore.Hosting.Server.Abstractions (1.1.1)
      Microsoft.AspNetCore.Http.Features (>= 1.1.1)
      Microsoft.Extensions.Configuration.Abstractions (>= 1.1.1)
      NETStandard.Library (>= 1.6.1)
    Microsoft.AspNetCore.Http (1.1.1)
      Microsoft.AspNetCore.Http.Abstractions (>= 1.1.1)
      Microsoft.AspNetCore.WebUtilities (>= 1.1.1)
      Microsoft.Extensions.ObjectPool (>= 1.1)
      Microsoft.Extensions.Options (>= 1.1.1)
      Microsoft.Net.Http.Headers (>= 1.1.1)
      NETStandard.Library (>= 1.6.1)
      System.Buffers (>= 4.3)
    Microsoft.AspNetCore.Http.Abstractions (1.1.1)
      Microsoft.AspNetCore.Http.Features (>= 1.1.1)
      Microsoft.Extensions.Primitives (>= 1.1)
      NETStandard.Library (>= 1.6.1)
      System.Text.Encodings.Web (>= 4.3)
    Microsoft.AspNetCore.Http.Extensions (1.1.1)
      Microsoft.AspNetCore.Http.Abstractions (>= 1.1.1)
      Microsoft.Extensions.FileProviders.Abstractions (>= 1.1)
      Microsoft.Net.Http.Headers (>= 1.1.1)
      NETStandard.Library (>= 1.6.1)
      System.Buffers (>= 4.3)
    Microsoft.AspNetCore.Http.Features (1.1.1)
      Microsoft.Extensions.Primitives (>= 1.1)
      NETStandard.Library (>= 1.6.1)
    Microsoft.AspNetCore.Server.Kestrel (1.1.1)
      Libuv (>= 1.9.1)
      Microsoft.AspNetCore.Hosting (>= 1.1.1)
      Microsoft.Extensions.Logging.Abstractions (>= 1.1.1)
      NETStandard.Library (>= 1.6.1)
      System.Buffers (>= 4.3)
      System.Numerics.Vectors (>= 4.3)
      System.Threading.Tasks.Extensions (>= 4.3)
    Microsoft.AspNetCore.Server.Kestrel.Https (1.1.1)
      Microsoft.AspNetCore.Server.Kestrel (>= 1.1.1)
      NETStandard.Library (>= 1.6.1)
    Microsoft.AspNetCore.StaticFiles (1.1.1)
      Microsoft.AspNetCore.Hosting.Abstractions (>= 1.1.1)
      Microsoft.AspNetCore.Http.Extensions (>= 1.1.1)
      Microsoft.Extensions.FileProviders.Abstractions (>= 1.1)
      Microsoft.Extensions.Logging.Abstractions (>= 1.1.1)
      Microsoft.Extensions.WebEncoders (>= 1.1.1)
      NETStandard.Library (>= 1.6.1)
    Microsoft.AspNetCore.TestHost (1.1.1)
      Microsoft.AspNetCore.Hosting (>= 1.1.1)
      NETStandard.Library (>= 1.6.1)
    Microsoft.AspNetCore.WebUtilities (1.1.1)
      Microsoft.Extensions.Primitives (>= 1.1)
      Microsoft.Net.Http.Headers (>= 1.1.1)
      NETStandard.Library (>= 1.6.1)
      System.Buffers (>= 4.3)
      System.Text.Encodings.Web (>= 4.3)
    Microsoft.Extensions.Configuration (1.1.1)
      Microsoft.Extensions.Configuration.Abstractions (>= 1.1.1)
      NETStandard.Library (>= 1.6.1)
    Microsoft.Extensions.Configuration.Abstractions (1.1.1)
    Microsoft.Extensions.Configuration.Binder (1.1.1)
      Microsoft.Extensions.Configuration (>= 1.1.1)
      NETStandard.Library (>= 1.6.1)
      System.ComponentModel.TypeConverter (>= 4.3)
    Microsoft.Extensions.Configuration.EnvironmentVariables (1.1.1)
      Microsoft.Extensions.Configuration (>= 1.1.1)
      NETStandard.Library (>= 1.6.1)
    Microsoft.Extensions.Configuration.FileExtensions (1.1.1)
      Microsoft.Extensions.Configuration (>= 1.1.1)
      Microsoft.Extensions.FileProviders.Physical (>= 1.1)
      NETStandard.Library (>= 1.6.1)
    Microsoft.Extensions.Configuration.Ini (1.1.1)
      Microsoft.Extensions.Configuration (>= 1.1.1)
      Microsoft.Extensions.Configuration.FileExtensions (>= 1.1.1)
      NETStandard.Library (>= 1.6.1)
    Microsoft.Extensions.Configuration.Json (1.1.1)
      Microsoft.Extensions.Configuration (>= 1.1.1)
      Microsoft.Extensions.Configuration.FileExtensions (>= 1.1.1)
      NETStandard.Library (>= 1.6.1)
      Newtonsoft.Json (>= 9.0.1)
    Microsoft.Extensions.DependencyInjection (1.1)
      Microsoft.Extensions.DependencyInjection.Abstractions (>= 1.1)
      NETStandard.Library (>= 1.6.1)
    Microsoft.Extensions.DependencyInjection.Abstractions (1.1)
    Microsoft.Extensions.FileProviders.Abstractions (1.1)
    Microsoft.Extensions.FileProviders.Physical (1.1)
      Microsoft.Extensions.FileProviders.Abstractions (>= 1.1)
      Microsoft.Extensions.FileSystemGlobbing (>= 1.1)
      NETStandard.Library (>= 1.6.1)
    Microsoft.Extensions.FileSystemGlobbing (1.1)
      NETStandard.Library (>= 1.6.1)
    Microsoft.Extensions.Logging (1.1.1)
      Microsoft.Extensions.DependencyInjection.Abstractions (>= 1.1)
      Microsoft.Extensions.Logging.Abstractions (>= 1.1.1)
      NETStandard.Library (>= 1.6.1)
    Microsoft.Extensions.Logging.Abstractions (1.1.1)
      NETStandard.Library (>= 1.6.1)
    Microsoft.Extensions.Logging.Console (1.1.1)
      Microsoft.Extensions.Configuration.Abstractions (>= 1.1.1)
      Microsoft.Extensions.Logging.Abstractions (>= 1.1.1)
      NETStandard.Library (>= 1.6.1)
    Microsoft.Extensions.Logging.EventLog (1.1.1)
      Microsoft.Extensions.Logging.Abstractions (>= 1.1.1)
      NETStandard.Library (>= 1.6.1)
    Microsoft.Extensions.Logging.TraceSource (1.1.1)
      Microsoft.Extensions.Logging.Abstractions (>= 1.1.1)
      NETStandard.Library (>= 1.6.1)
    Microsoft.Extensions.ObjectPool (1.1)
      NETStandard.Library (>= 1.6.1)
    Microsoft.Extensions.Options (1.1.1)
    Microsoft.Extensions.PlatformAbstractions (1.1)
      NETStandard.Library (>= 1.6.1)
    Microsoft.Extensions.Primitives (1.1)
    Microsoft.Extensions.WebEncoders (1.1.1)
    Microsoft.IO.RecyclableMemoryStream (1.2.2)
    Microsoft.Net.Http.Headers (1.1.1)
      Microsoft.Extensions.Primitives (>= 1.1)
      NETStandard.Library (>= 1.6.1)
      System.Buffers (>= 4.3)
      System.Diagnostics.Contracts (>= 4.3)
    Microsoft.Tpl.Dataflow (4.5.24)
    Microsoft.Win32.Primitives (4.3)
    MsgPack.Cli (0.6.8)
    NETStandard.Library (1.6.1)
      Microsoft.Win32.Primitives (>= 4.3)
      System.AppContext (>= 4.3)
      System.Collections.Concurrent (>= 4.3)
      System.Console (>= 4.3)
      System.Diagnostics.Tracing (>= 4.3)
      System.Globalization.Calendars (>= 4.3)
      System.IO.Compression (>= 4.3)
      System.IO.Compression.ZipFile (>= 4.3)
      System.IO.FileSystem (>= 4.3)
      System.IO.FileSystem.Primitives (>= 4.3)
      System.Net.Http (>= 4.3)
      System.Net.Sockets (>= 4.3)
      System.Runtime.Handles (>= 4.3)
      System.Runtime.InteropServices (>= 4.3)
      System.Runtime.InteropServices.RuntimeInformation (>= 4.3)
      System.Runtime.Numerics (>= 4.3)
      System.Security.Cryptography.Algorithms (>= 4.3)
      System.Security.Cryptography.Encoding (>= 4.3)
      System.Security.Cryptography.Primitives (>= 4.3)
      System.Security.Cryptography.X509Certificates (>= 4.3)
      System.Threading.Timer (>= 4.3)
    Newtonsoft.Json (9.0.1) - redirects: force
    NuGet.CommandLine (3.5)
    Octokit (0.24)
    PerfUtil (0.1.8)
    System.AppContext (4.3)
    System.Buffers (4.3)
    System.Collections.Concurrent (4.3)
    System.Collections.Immutable (1.3.1)
    System.ComponentModel.TypeConverter (4.3)
    System.Console (4.3)
    System.Diagnostics.Contracts (4.3)
    System.Diagnostics.DiagnosticSource (4.3)
    System.Diagnostics.Tracing (4.3)
    System.Globalization.Calendars (4.3)
    System.IO.Compression (4.3)
    System.IO.Compression.ZipFile (4.3)
    System.IO.FileSystem (4.3)
      System.IO.FileSystem.Primitives (>= 4.3)
    System.IO.FileSystem.Primitives (4.3)
    System.Net.Http (4.3.1)
      System.Security.Cryptography.X509Certificates (>= 4.3)
    System.Net.Sockets (4.3)
    System.Numerics.Vectors (4.3)
    System.Reflection (4.1)
    System.Reflection.Metadata (1.4.2)
      System.Collections.Immutable (>= 1.3.1)
    System.Runtime.CompilerServices.Unsafe (4.3)
    System.Runtime.Handles (4.3)
    System.Runtime.InteropServices (4.3)
    System.Runtime.InteropServices.RuntimeInformation (4.3)
    System.Runtime.Numerics (4.3)
    System.Security.Cryptography.Algorithms (4.3)
      System.Security.Cryptography.Primitives (>= 4.3)
    System.Security.Cryptography.Encoding (4.3)
    System.Security.Cryptography.Primitives (4.3)
    System.Security.Cryptography.X509Certificates (4.3)
      System.Security.Cryptography.Algorithms (>= 4.3)
      System.Security.Cryptography.Encoding (>= 4.3)
    System.Text.Encodings.Web (4.3)
    System.Threading.Tasks.Extensions (4.3)
    System.Threading.Timer (4.3)
    System.ValueTuple (4.3)
    Topshelf (3.3.1)
    UnionArgParser (0.9)
    Unquote (2.2.2)
