REDIRECTS: ON
LOWEST_MATCHING: FALSE
COPY-CONTENT-TO-OUTPUT-DIR: ALWAYS
FRAMEWORK: NET46
NUGET
  remote: http://api.nuget.org/v3/index.json
    Autofac (4.0.0-rc3-316)
    Autofac.Extras.AttributeMetadata (4.0)
      Autofac (>= 3.4 < 5.0)
      Autofac.Mef (>= 4.0 < 5.0)
    Autofac.Mef (4.0)
      Autofac (>= 3.3.1 < 5.0)
    AutoFixture (3.37.3)
    FAKE (4.35.1)
    Fixie (1.0.2)
    FSharp.Compiler.Service (2.0.0.6)
    FSharp.Control.AsyncSeq (2.0.9)
    FSharp.Core (4.0.0.1)
    FSharpx.Async (1.12)
      FSharp.Control.AsyncSeq
    FSharpx.Collections (1.15.1)
      FSharp.Core
    FSharpx.Extras (1.10.3)
      FSharpx.Async (>= 1.12)
      FSharpx.Collections (>= 1.10.1)
    IKVM (8.1.5717)
    Libuv (1.9)
    Microsoft.AspNet.WebApi.Client (5.2.3)
      Newtonsoft.Json (>= 6.0.4)
    Microsoft.AspNetCore.Cors (1.0)
      Microsoft.AspNetCore.Http.Extensions (>= 1.0)
      Microsoft.Extensions.Configuration.Abstractions (>= 1.0)
      Microsoft.Extensions.DependencyInjection.Abstractions (>= 1.0)
      Microsoft.Extensions.Options (>= 1.0)
    Microsoft.AspNetCore.Hosting (1.0)
      Microsoft.AspNetCore.Hosting.Abstractions (>= 1.0)
      Microsoft.AspNetCore.Hosting.Server.Abstractions (>= 1.0)
      Microsoft.AspNetCore.Http (>= 1.0)
      Microsoft.AspNetCore.Http.Extensions (>= 1.0)
      Microsoft.Extensions.Configuration (>= 1.0)
      Microsoft.Extensions.Configuration.EnvironmentVariables (>= 1.0)
      Microsoft.Extensions.DependencyInjection (>= 1.0)
      Microsoft.Extensions.FileProviders.Physical (>= 1.0)
      Microsoft.Extensions.Logging (>= 1.0)
      Microsoft.Extensions.Options (>= 1.0)
      Microsoft.Extensions.PlatformAbstractions (>= 1.0)
      System.Diagnostics.DiagnosticSource (>= 4.0)
      System.Reflection.Metadata (>= 1.3)
      System.Runtime.InteropServices.RuntimeInformation (>= 4.0)
    Microsoft.AspNetCore.Hosting.Abstractions (1.0)
      Microsoft.AspNetCore.Hosting.Server.Abstractions (>= 1.0)
      Microsoft.AspNetCore.Http.Abstractions (>= 1.0)
      Microsoft.Extensions.Configuration.Abstractions (>= 1.0)
      Microsoft.Extensions.DependencyInjection.Abstractions (>= 1.0)
      Microsoft.Extensions.FileProviders.Abstractions (>= 1.0)
      Microsoft.Extensions.Logging.Abstractions (>= 1.0)
    Microsoft.AspNetCore.Hosting.Server.Abstractions (1.0)
      Microsoft.AspNetCore.Http.Features (>= 1.0)
      Microsoft.Extensions.Configuration.Abstractions (>= 1.0)
    Microsoft.AspNetCore.Http (1.0)
      Microsoft.AspNetCore.Http.Abstractions (>= 1.0)
      Microsoft.AspNetCore.WebUtilities (>= 1.0)
      Microsoft.Extensions.ObjectPool (>= 1.0)
      Microsoft.Extensions.Options (>= 1.0)
      Microsoft.Net.Http.Headers (>= 1.0)
      System.Buffers (>= 4.0)
    Microsoft.AspNetCore.Http.Abstractions (1.0)
      Microsoft.AspNetCore.Http.Features (>= 1.0)
      System.Text.Encodings.Web (>= 4.0)
    Microsoft.AspNetCore.Http.Extensions (1.0)
      Microsoft.AspNetCore.Http.Abstractions (>= 1.0)
      Microsoft.Extensions.FileProviders.Abstractions (>= 1.0)
      Microsoft.Net.Http.Headers (>= 1.0)
      System.Buffers (>= 4.0)
    Microsoft.AspNetCore.Http.Features (1.0)
      Microsoft.Extensions.Primitives (>= 1.0)
    Microsoft.AspNetCore.Server.Kestrel (1.0)
      Libuv (>= 1.9)
      Microsoft.AspNetCore.Hosting (>= 1.0)
      Microsoft.Extensions.Logging.Abstractions (>= 1.0)
      System.Buffers (>= 4.0)
      System.Numerics.Vectors (>= 4.1.1)
      System.Runtime.InteropServices.RuntimeInformation (>= 4.0)
      System.Threading.Tasks.Extensions (>= 4.0)
    Microsoft.AspNetCore.StaticFiles (1.0)
      Microsoft.AspNetCore.Hosting.Abstractions (>= 1.0)
      Microsoft.AspNetCore.Http.Extensions (>= 1.0)
      Microsoft.Extensions.FileProviders.Abstractions (>= 1.0)
      Microsoft.Extensions.Logging.Abstractions (>= 1.0)
      Microsoft.Extensions.WebEncoders (>= 1.0)
    Microsoft.AspNetCore.TestHost (1.0)
      Microsoft.AspNetCore.Hosting (>= 1.0)
    Microsoft.AspNetCore.WebUtilities (1.0)
      Microsoft.Extensions.Primitives (>= 1.0)
      System.Buffers (>= 4.0)
      System.Text.Encodings.Web (>= 4.0)
    Microsoft.Extensions.Configuration (1.0)
      Microsoft.Extensions.Configuration.Abstractions (>= 1.0)
      System.Collections (>= 4.0.11)
      System.Diagnostics.Debug (>= 4.0.11)
      System.IO (>= 4.1)
      System.Resources.ResourceManager (>= 4.0.1)
      System.Runtime.Extensions (>= 4.1)
      System.Runtime.InteropServices (>= 4.1)
      System.Threading (>= 4.0.11)
    Microsoft.Extensions.Configuration.Abstractions (1.0)
    Microsoft.Extensions.Configuration.Binder (1.0)
      Microsoft.Extensions.Configuration (>= 1.0)
      System.ComponentModel.TypeConverter (>= 4.1)
    Microsoft.Extensions.Configuration.EnvironmentVariables (1.0)
      Microsoft.Extensions.Configuration (>= 1.0)
    Microsoft.Extensions.Configuration.FileExtensions (1.0)
      Microsoft.Extensions.Configuration (>= 1.0)
      Microsoft.Extensions.FileProviders.Physical (>= 1.0)
    Microsoft.Extensions.Configuration.Ini (1.0)
      Microsoft.Extensions.Configuration (>= 1.0)
      Microsoft.Extensions.Configuration.FileExtensions (>= 1.0)
    Microsoft.Extensions.Configuration.Json (1.0.0-rc2-final)
      Microsoft.Extensions.Configuration (>= 1.0.0-rc2-final)
      Microsoft.Extensions.Configuration.FileExtensions (>= 1.0.0-rc2-final)
      Newtonsoft.Json (>= 8.0.3)
    Microsoft.Extensions.DependencyInjection (1.0)
      Microsoft.Extensions.DependencyInjection.Abstractions (>= 1.0)
      System.Collections (>= 4.0.11)
      System.Collections.Concurrent (>= 4.0.12)
      System.Runtime.Extensions (>= 4.1)
      System.Threading (>= 4.0.11)
      System.Threading.Tasks (>= 4.0.11)
    Microsoft.Extensions.DependencyInjection.Abstractions (1.0)
    Microsoft.Extensions.FileProviders.Abstractions (1.0)
    Microsoft.Extensions.FileProviders.Physical (1.0)
      Microsoft.Extensions.FileProviders.Abstractions (>= 1.0)
      Microsoft.Extensions.FileSystemGlobbing (>= 1.0)
    Microsoft.Extensions.FileSystemGlobbing (1.0)
    Microsoft.Extensions.Logging (1.0)
      Microsoft.Extensions.DependencyInjection.Abstractions (>= 1.0)
      Microsoft.Extensions.Logging.Abstractions (>= 1.0)
      System.Threading (>= 4.0.11)
    Microsoft.Extensions.Logging.Abstractions (1.0)
      System.Collections (>= 4.0.11)
      System.Collections.Concurrent (>= 4.0.12)
      System.Diagnostics.Debug (>= 4.0.11)
      System.Globalization (>= 4.0.11)
      System.Linq (>= 4.1)
      System.Reflection (>= 4.1)
      System.Resources.ResourceManager (>= 4.0.1)
      System.Runtime.Extensions (>= 4.1)
      System.Runtime.InteropServices (>= 4.1)
    Microsoft.Extensions.Logging.Console (1.0)
      Microsoft.Extensions.Configuration.Abstractions (>= 1.0)
      Microsoft.Extensions.Logging.Abstractions (>= 1.0)
      System.Runtime.InteropServices.RuntimeInformation (>= 4.0)
    Microsoft.Extensions.Logging.EventLog (1.0)
      Microsoft.Extensions.Logging.Abstractions (>= 1.0)
    Microsoft.Extensions.Logging.TraceSource (1.0)
      Microsoft.Extensions.Logging.Abstractions (>= 1.0)
    Microsoft.Extensions.ObjectPool (1.0)
    Microsoft.Extensions.Options (1.0)
    Microsoft.Extensions.PlatformAbstractions (1.0)
    Microsoft.Extensions.Primitives (1.0)
    Microsoft.Extensions.WebEncoders (1.0)
    Microsoft.IO.RecyclableMemoryStream (1.1)
    Microsoft.Net.Http.Headers (1.0)
      System.Buffers (>= 4.0)
      System.Collections (>= 4.0.11)
      System.Diagnostics.Contracts (>= 4.0.1)
      System.Globalization (>= 4.0.11)
      System.Linq (>= 4.1)
      System.Resources.ResourceManager (>= 4.0.1)
      System.Runtime.Extensions (>= 4.1)
      System.Text.Encoding (>= 4.0.11)
    Microsoft.Tpl.Dataflow (4.5.24)
    MsgPack.Cli (0.6.8)
    Newtonsoft.Json (8.0.3) - redirects: force
    NuGet.CommandLine (3.4.3)
    System.Buffers (4.0)
    System.Collections.Immutable (1.2)
    System.Diagnostics.DiagnosticSource (4.0)
    System.Net.Http (4.0.1-rc2-24027)
    System.Numerics.Vectors (4.1.1)
    System.Reflection (4.1)
    System.Reflection.Metadata (1.3)
      System.Collections.Immutable (>= 1.2)
    System.Runtime.InteropServices.RuntimeInformation (4.0)
    System.Text.Encodings.Web (4.0)
    System.Threading.Tasks.Extensions (4.0)
  remote: https://api.nuget.org/v3/index.json
    Autofac.Extensions.DependencyInjection (4.0.0-rc3-280)
      Autofac (>= 4.0.0-rc3-280)
      Microsoft.Extensions.DependencyInjection.Abstractions (>= 1.0)
      System.Collections (>= 4.0.11)
      System.Diagnostics.Contracts (>= 4.0.1)
      System.Runtime (>= 4.1)
      System.Threading.Tasks (>= 4.0.11)
    FlexLucene (5.4)
      IKVM (>= 8.1.5717)
    FParsec (1.0.2)
    FsCheck (2.2.4)
      FSharp.Core (>= 3.1.2.5)
    Microsoft.AspNetCore.Server.Kestrel.Https (1.0)
      Microsoft.AspNetCore.Server.Kestrel (>= 1.0)
    PerfUtil (0.1.8)
    System.Collections (4.3)
    System.Collections.Concurrent (4.3)
    System.ComponentModel.TypeConverter (4.3)
    System.Diagnostics.Contracts (4.3)
    System.Diagnostics.Debug (4.3)
    System.Globalization (4.3)
    System.IO (4.3)
    System.Linq (4.3)
    System.Resources.ResourceManager (4.3)
    System.Runtime (4.3)
    System.Runtime.Extensions (4.3)
    System.Runtime.InteropServices (4.3)
    System.Text.Encoding (4.3)
    System.Threading (4.3)
    System.Threading.Tasks (4.3)
    Topshelf (3.3.1)
    UnionArgParser (0.9)
    Unquote (2.2.2)
